PATH
  remote: vendor/gems/aruba-0.2.2
  specs:
    aruba (0.2.2)

PATH
  remote: vendor/gems/has_many_polymorphs-2.13
  specs:
    has_many_polymorphs (2.13)
      activerecord

GEM
  remote: http://rubygems.org/
  remote: http://gems.github.com/
  specs:
    RedCloth (4.2.8)
    ZenTest (4.8.3)
    aasm (2.2.1)
    actionmailer (2.3.17)
      actionpack (= 2.3.17)
    actionpack (2.3.17)
      activesupport (= 2.3.17)
      rack (~> 1.1.0)
    activerecord (2.3.17)
      activesupport (= 2.3.17)
    activeresource (2.3.17)
      activesupport (= 2.3.17)
    activesupport (2.3.17)
    acts_as_list (0.1.4)
    addressable (2.3.2)
    bcrypt-ruby (2.1.4)
    builder (3.1.4)
    capybara (1.1.4)
      mime-types (>= 1.16)
      nokogiri (>= 1.3.3)
      rack (>= 1.0.0)
      rack-test (>= 0.5.4)
      selenium-webdriver (~> 2.0)
      xpath (~> 0.1.4)
    cgi_multipart_eof_fix (2.5.0)
    childprocess (0.3.6)
      ffi (~> 1.0, >= 1.0.6)
    columnize (0.3.6)
    cucumber (1.2.1)
      builder (>= 2.1.2)
      diff-lcs (>= 1.1.3)
      gherkin (~> 2.11.0)
      json (>= 1.4.6)
    cucumber-rails (0.3.2)
      cucumber (>= 0.8.0)
    daemons (1.1.9)
    database_cleaner (0.9.1)
    diff-lcs (1.1.3)
    fastthread (1.0.7)
    ffi (1.2.0)
    flexmock (1.2.0)
    gem_plugin (0.2.3)
    gherkin (2.11.5)
      json (>= 1.4.6)
    highline (1.5.2)
    hoe (3.3.1)
      rake (>= 0.8, < 11.0)
    hpricot (0.8.6)
    htmlentities (4.3.1)
    httpclient (2.3.0.1)
    i18n (0.6.1)
    json (1.7.7)
    libwebsocket (0.1.7.1)
      addressable
      websocket
    linecache (0.46)
      rbx-require-relative (> 0.0.4)
    mail (2.5.3)
      i18n (>= 0.4.0)
      mime-types (~> 1.16)
      treetop (~> 1.4.8)
    memory_test_fix (0.1.3)
    mime-types (1.19)
    mongrel (1.1.5)
      cgi_multipart_eof_fix (>= 2.4)
      daemons (>= 1.0.3)
      fastthread (>= 1.0.1)
      gem_plugin (>= 0.2.3)
    multi_json (1.5.0)
    mysql (2.9.0)
    nokogiri (1.4.7)
    polyglot (0.3.3)
    rack (1.1.6)
    rack-test (0.6.2)
      rack (>= 1.0)
    rails (2.3.17)
      actionmailer (= 2.3.17)
      actionpack (= 2.3.17)
      activerecord (= 2.3.17)
      activeresource (= 2.3.17)
      activesupport (= 2.3.17)
      rake (>= 0.8.3)
    rake (0.8.7)
    rbx-require-relative (0.0.9)
    rspec (1.3.2)
    rspec-rails (1.3.4)
      rack (>= 1.0.0)
      rspec (~> 1.3.1)
    ruby-debug (0.10.4)
      columnize (>= 0.1)
      ruby-debug-base (~> 0.10.4.0)
    ruby-debug-base (0.10.4)
      linecache (>= 0.3)
    ruby-openid (2.2.2)
    rubycas-client (2.2.1)
      activesupport
    rubyjedi-actionwebservice (2.3.5.20100714122544)
      actionpack (~> 2.3.0)
      activerecord (~> 2.3.0)
      activesupport (~> 2.3.0)
    rubyzip (0.9.9)
    sanitize (1.2.1)
      nokogiri (~> 1.4.1)
    selenium-webdriver (2.27.2)
      childprocess (>= 0.2.5)
      libwebsocket (~> 0.1.3)
      multi_json (~> 1.0)
      rubyzip
    soap4r (1.5.8)
      httpclient (>= 2.1.1)
    sqlite3 (1.3.6)
    test-unit (1.2.3)
      hoe (>= 1.5.1)
    thoughtbot-factory_girl (1.2.2)
    treetop (1.4.12)
      polyglot
      polyglot (>= 0.3.1)
    websocket (1.0.4)
    will_paginate (2.3.16)
    xpath (0.1.4)
      nokogiri (~> 1.3)
    yard (0.8.3)

PLATFORMS
  ruby

DEPENDENCIES
  RedCloth (= 4.2.8)
  ZenTest (>= 4.0.0)
  aasm (~> 2.2.0)
  acts_as_list (= 0.1.4)
  aruba (= 0.2.2)!
  bcrypt-ruby (~> 2.1.4)
  capybara (~> 1.1.2)
  cucumber-rails (~> 0.3.2)
  database_cleaner (>= 0.5.0)
  flexmock
  has_many_polymorphs (~> 2.13)!
  highline (~> 1.5.0)
  hoe
  hpricot
  htmlentities (~> 4.3.0)
  mail
  memory_test_fix (~> 0.1.3)
  mongrel
  mysql
  rack (~> 1.1)
  rails (~> 2.3)
  rake (~> 0.8.7)
  rspec-rails (~> 1.3.3)
  ruby-debug
  ruby-openid
  rubycas-client (~> 2.2.1)
  rubyjedi-actionwebservice
  sanitize (~> 1.2.1)
  selenium-webdriver
  soap4r (~> 1.5.8)
  sqlite3
  test-unit (= 1.2.3)
  thoughtbot-factory_girl
  will_paginate (~> 2.3.15)
  yard
